GEM
  remote: https://rubygems.org/
  specs:
    base64 (0.2.0)
    bcrypt (3.1.20)
    daemons (1.4.1)
    diff-lcs (1.5.1)
    eventmachine (1.2.7)
    hiredis (0.6.3)
    logger (1.6.4)
    mustermann (3.0.3)
      ruby2_keywords (~> 0.0.1)
    nest (3.2.0)
      redic
    ohm (3.1.1)
      nest (~> 3)
      redic (~> 1.5.0)
      stal
    ostruct (0.6.1)
    rack (2.2.10)
    rack-protection (3.2.0)
      base64 (>= 0.1.0)
      rack (~> 2.2, >= 2.2.4)
    redic (1.5.3)
      hiredis
    rspec (3.13.0)
      rspec-core (~> 3.13.0)
      rspec-expectations (~> 3.13.0)
      rspec-mocks (~> 3.13.0)
    rspec-core (3.13.2)
      rspec-support (~> 3.13.0)
    rspec-expectations (3.13.3)
      diff-lcs (>= 1.2.0, < 2.0)
      rspec-support (~> 3.13.0)
    rspec-mocks (3.13.2)
      diff-lcs (>= 1.2.0, < 2.0)
      rspec-support (~> 3.13.0)
    rspec-support (3.13.2)
    ruby2_keywords (0.0.5)
    ruby_http_client (3.5.5)
    sendgrid-ruby (6.6.2)
      ruby_http_client (~> 3.4)
    sinatra (3.2.0)
      mustermann (~> 3.0)
      rack (~> 2.2, >= 2.2.4)
      rack-protection (= 3.2.0)
      tilt (~> 2.0)
    stal (0.3.0)
      redic (~> 1.5)
    thin (1.8.2)
      daemons (~> 1.0, >= 1.0.9)
      eventmachine (~> 1.0, >= 1.0.4)
      rack (>= 1, < 3)
    tilt (2.5.0)
    timezone (1.3.27)
      ostruct (~> 0.6)

PLATFORMS
  arm64-darwin-23
  ruby

DEPENDENCIES
  bcrypt (~> 3.1.18)
  logger (~> 1.6.4)
  ohm (~> 3.1)
  rspec (~> 3.7)
  sendgrid-ruby (~> 6.6.2)
  sinatra (~> 3.0)
  thin (~> 1.8.1)
  timezone (~> 1.3.19)

BUNDLED WITH
   2.6.1
